PATH
  remote: .
  specs:
    comparser (0.1.0)
      zeitwerk (~> 2.6)

GEM
  remote: https://rubygems.org/
  specs:
    minitest (5.20.0)
    rake (13.0.6)
    zeitwerk (2.6.12)

PLATFORMS
  x86_64-linux

DEPENDENCIES
  comparser!
  minitest (~> 5.0)
  rake (~> 13.0)

BUNDLED WITH
   2.4.10
